PATH
  remote: .
  specs:
    capybara-faraday (0.1.0)
      capybara (~> 0.4.0.rc)
      faraday (~> 0.5.1)

GEM
  remote: http://rubygems.org/
  specs:
    addressable (2.2.2)
    capybara (0.4.0.rc)
      celerity (>= 0.7.9)
      culerity (>= 0.2.4)
      mime-types (>= 1.16)
      nokogiri (>= 1.3.3)
      rack (>= 1.0.0)
      rack-test (>= 0.5.4)
      selenium-webdriver (>= 0.0.27)
      xpath (~> 0.1.2)
    celerity (0.8.2)
    childprocess (0.0.7)
      ffi (~> 0.6.3)
    culerity (0.2.12)
    daemons (1.0.10)
    diff-lcs (1.1.2)
    faraday (0.5.1)
      addressable (~> 2.2.2)
      multipart-post (~> 1.0.1)
      rack (~> 1.2.1)
    ffi (0.6.3)
      rake (>= 0.8.7)
    gem_plugin (0.2.3)
    infinity_test (0.2.0)
      watchr (>= 0.7)
    json_pure (1.4.6)
    mime-types (1.16)
    mongrel (1.2.0.pre2)
      daemons (~> 1.0.10)
      gem_plugin (~> 0.2.3)
    multipart-post (1.0.1)
    nokogiri (1.4.3.1)
    rack (1.2.1)
    rack-test (0.5.6)
      rack (>= 1.0)
    rake (0.8.7)
    rspec (2.0.0)
      rspec-core (= 2.0.0)
      rspec-expectations (= 2.0.0)
      rspec-mocks (= 2.0.0)
    rspec-core (2.0.0)
    rspec-expectations (2.0.0)
      diff-lcs (>= 1.1.2)
    rspec-mocks (2.0.0)
      rspec-core (= 2.0.0)
      rspec-expectations (= 2.0.0)
    rubyzip (0.9.4)
    selenium-webdriver (0.0.29)
      childprocess (>= 0.0.7)
      ffi (~> 0.6.3)
      json_pure
      rubyzip
    sinatra (1.0)
      rack (>= 1.0)
    watchr (0.7)
    xpath (0.1.2)
      nokogiri (~> 1.3)

PLATFORMS
  ruby

DEPENDENCIES
  capybara (~> 0.4.0.rc)
  capybara-faraday!
  faraday (~> 0.5.1)
  infinity_test
  mongrel (~> 1.2.pre)
  rspec (~> 2.0.0)
  sinatra
